GEM
  remote: https://rubygems.org/
  specs:
    aasm (4.12.3)
      concurrent-ruby (~> 1.0)
    concurrent-ruby (1.0.5)

PLATFORMS
  x64-mingw32

DEPENDENCIES
  aasm

BUNDLED WITH
   1.16.1
